GEM
  remote: https://rubygems.org/
  specs:
    activesupport (3.2.21)
      i18n (~> 0.6, >= 0.6.4)
      multi_json (~> 1.0)
    bubble-wrap (1.8.0)
    builder (3.2.2)
    cdq (1.0.2)
      motion-yaml
      ruby-xcdm (~> 0.0, >= 0.0.8)
    i18n (0.7.0)
    motion-yaml (1.4)
    multi_json (1.11.0)
    plist (3.1.0)
    rake (10.4.2)
    ruby-xcdm (0.0.8)
      activesupport (~> 3.2)
      builder (~> 3.2)
      plist (~> 3.1)
    ruby_motion_query (1.4.0)

PLATFORMS
  ruby

DEPENDENCIES
  bubble-wrap
  cdq (= 1.0.2)
  rake
  ruby_motion_query (= 1.4.0)
