GEM
  remote: https://rubygems.org/
  specs:
    bubble-wrap (1.7.1)
      bubble-wrap-http (= 1.7.1)
    bubble-wrap-http (1.7.1)
    motion-require (0.2.0)
    motion-support (0.2.6)
      motion-require (>= 0.0.6)
    motion_model (0.5.4)
      bubble-wrap (>= 1.3.0)
      motion-support (>= 0.1.0)
    rake (10.3.2)
    ruby_motion_query (0.8.0)

PLATFORMS
  ruby

DEPENDENCIES
  bubble-wrap
  motion_model
  rake
  ruby_motion_query
