GEM
  remote: https://rubygems.org/
  specs:
    ProMotion (2.4.0)
      methadone (~> 1.7)
    methadone (1.9.0)
      bundler
    rake (10.4.2)

PLATFORMS
  ruby

DEPENDENCIES
  ProMotion (~> 2.0)
  rake
