GEM
  remote: https://rubygems.org/
  specs:
    bubble-wrap (1.7.1)
      bubble-wrap-http (= 1.7.1)
    bubble-wrap-http (1.7.1)
    rake (10.3.2)
    ruby_motion_query (0.7.1)

PLATFORMS
  ruby

DEPENDENCIES
  bubble-wrap
  rake
  ruby_motion_query
